GEM
  remote: https://rubygems.org/
  specs:
    rack (2.0.5)
    roda (3.9.0)
      rack
    slim (3.0.9)
      temple (>= 0.7.6, < 0.9)
      tilt (>= 1.3.3, < 2.1)
    temple (0.8.0)
    tilt (2.0.8)

PLATFORMS
  ruby

DEPENDENCIES
  roda (~> 3.9.0)
  slim (~> 3.0.9)

BUNDLED WITH
   1.16.2
