GIT
  remote: https://github.com/janbiedermann/hyper-component.git
  revision: 60d2525454e3fd76594248338903f0dd4ddafa33
  branch: pinata
  specs:
    hyper-component (1.0.0.lap28)
      actionview (>= 4.0.0)
      hyper-react (= 1.0.0.lap28)
      hyperloop-config (= 1.0.0.lap28)
      react-rails (>= 2.4.0, < 2.5.0)

GIT
  remote: https://github.com/janbiedermann/hyper-react.git
  revision: 5883fc0ccc706a2c328c430115ef4f29b9e103a4
  branch: pinata
  specs:
    hyper-react (1.0.0.lap28)
      hyper-store (= 1.0.0.lap28)
      hyperloop-config (= 1.0.0.lap28)
      mini_racer (~> 0.1.15)
      opal (>= 0.11.0, < 0.12.0)
      opal-activesupport (~> 0.3.1)
      react-rails (>= 2.4.0, < 2.5.0)

GIT
  remote: https://github.com/janbiedermann/hyperloop-config.git
  revision: 4886523adb3812a90f9edae98f87c5074f33247a
  branch: pinata
  specs:
    hyperloop-config (1.0.0.lap28)
      opal (>= 0.11.0, < 0.12.0)
      opal-browser (~> 0.2.0)
      uglifier

GIT
  remote: https://github.com/janbiedermann/opal-jquery.git
  revision: 543f4414c9a7f7e47ccefec29f253a1b3b66e528
  branch: why_to_n
  specs:
    opal-jquery (0.4.2)
      opal (>= 0.10.0, < 0.12.0)

GIT
  remote: https://github.com/janbiedermann/opal.git
  revision: 4abc31d211ab4021ef7d811325709b2e04ee9a90
  branch: es6_import_export
  specs:
    opal (0.11.1.dev)
      ast (>= 2.3.0)
      hike (~> 1.2)
      parser (= 2.5.1.0)
      sourcemap (~> 0.1.0)

GIT
  remote: https://github.com/opal/opal-activesupport.git
  revision: 1e535dd6aa4a9aff17ce534a5e7349459a89340d
  branch: master
  specs:
    opal-activesupport (0.3.1)
      opal (>= 0.5.0, < 1.0.0)

GEM
  remote: https://rubygems.org/
  specs:
    actionpack (5.2.0)
      actionview (= 5.2.0)
      activesupport (= 5.2.0)
      rack (~> 2.0)
      rack-test (>= 0.6.3)
      rails-dom-testing (~> 2.0)
      rails-html-sanitizer (~> 1.0, >= 1.0.2)
    actionview (5.2.0)
      activesupport (= 5.2.0)
      builder (~> 3.1)
      erubi (~> 1.4)
      rails-dom-testing (~> 2.0)
      rails-html-sanitizer (~> 1.0, >= 1.0.3)
    activemodel (5.2.0)
      activesupport (= 5.2.0)
    activerecord (5.2.0)
      activemodel (= 5.2.0)
      activesupport (= 5.2.0)
      arel (>= 9.0)
    activesupport (5.2.0)
      concurrent-ruby (~> 1.0, >= 1.0.2)
      i18n (>= 0.7, < 2)
      minitest (~> 5.1)
      tzinfo (~> 1.1)
    arel (9.0.0)
    ast (2.4.0)
    babel-source (5.8.35)
    babel-transpiler (0.7.0)
      babel-source (>= 4.0, < 6)
      execjs (~> 2.0)
    browser (2.5.3)
    builder (3.2.3)
    c_lexer (2.5.1.0.pre2)
      ast (~> 2.4.0)
      parser (= 2.5.1.0)
    concurrent-ruby (1.0.5)
    connection_pool (2.2.2)
    crass (1.0.4)
    erubi (1.7.1)
    eventmachine (1.2.7)
    execjs (2.7.0)
    hike (1.2.3)
    hyper-store (1.0.0.lap28)
      hyperloop-config (= 1.0.0.lap28)
      opal (>= 0.11.0, < 0.12.0)
    i18n (1.0.1)
      concurrent-ruby (~> 1.0)
    libv8 (6.3.292.48.1)
    loofah (2.2.2)
      crass (~> 1.0.2)
      nokogiri (>= 1.5.9)
    method_source (0.9.0)
    mini_portile2 (2.3.0)
    mini_racer (0.1.15)
      libv8 (~> 6.3)
    minitest (5.11.3)
    nokogiri (1.8.2)
      mini_portile2 (~> 2.3.0)
    oj (3.6.2)
    opal-browser (0.2.0)
      opal
      paggio
    opal-webpack-compile-server (0.1.7)
      eventmachine (~> 1.2.7)
      oj (~> 3.6.0)
      opal (>= 0.11.0)
    paggio (0.2.6)
    parser (2.5.1.0)
      ast (~> 2.4.0)
    rack (2.0.5)
    rack-test (1.0.0)
      rack (>= 1.0, < 3)
    rails-dom-testing (2.0.3)
      activesupport (>= 4.2.0)
      nokogiri (>= 1.6)
    rails-html-sanitizer (1.0.4)
      loofah (~> 2.2, >= 2.2.2)
    railties (5.2.0)
      actionpack (= 5.2.0)
      activesupport (= 5.2.0)
      method_source
      rake (>= 0.8.7)
      thor (>= 0.18.1, < 2.0)
    rake (12.3.1)
    react-rails (2.4.4)
      babel-transpiler (>= 0.7.0)
      connection_pool
      execjs
      railties (>= 3.2)
      tilt
    roda (3.9.0)
      rack
    slim (3.0.9)
      temple (>= 0.7.6, < 0.9)
      tilt (>= 1.3.3, < 2.1)
    sourcemap (0.1.1)
    temple (0.8.0)
    thor (0.20.0)
    thread_safe (0.3.6)
    tilt (2.0.8)
    tzinfo (1.2.5)
      thread_safe (~> 0.1)
    uglifier (4.1.11)
      execjs (>= 0.3.0, < 3)

PLATFORMS
  ruby

DEPENDENCIES
  actionview
  activerecord (~> 5.2.0)
  browser
  c_lexer
  hyper-component!
  hyper-react!
  hyperloop-config!
  minitest
  opal!
  opal-activesupport!
  opal-jquery!
  opal-webpack-compile-server (= 0.1.7)
  roda (~> 3.9.0)
  slim (~> 3.0.9)

BUNDLED WITH
   1.16.2
